GEM
  remote: http://rubygems.org/
  specs:
    tty-cursor (0.5.0)

PLATFORMS
  ruby

DEPENDENCIES
  tty-cursor

BUNDLED WITH
   1.16.1
